GIT
  remote: https://github.com/DatabaseCleaner/database_cleaner
  revision: b87f00320f8aa0f7e499d183128f05ce29cedc33
  ref: b87f00320f8aa0f7e499d183128f05ce29cedc33
  specs:
    database_cleaner (1.5.1)

GIT
  remote: https://github.com/macdiesel/mongoid-tree
  revision: b381dd56f1b3b061df8f4b4181d5440dea1602d1
  specs:
    mongoid-tree (2.0.0)
      mongoid (>= 4.0, <= 5.0)

GIT
  remote: https://github.com/navneet35371/voteable_mongo.git
  revision: 55fcfe76705ab5da1c9e5670594331b33954c545
  specs:
    rs_voteable_mongo (1.0.2)
      mongoid (>= 3.0, <= 5.0)

GIT
  remote: https://github.com/rack/rack-contrib.git
  revision: 6ff3ca2b2d988911ca52a2712f6a7da5e064aa27
  ref: 6ff3ca2b2d988911ca52a2712f6a7da5e064aa27
  specs:
    rack-contrib (1.2.0)
      rack (>= 0.9.1)

GEM
  remote: https://rubygems.org/
  specs:
    activemodel (4.2.4)
      activesupport (= 4.2.4)
      builder (~> 3.1)
    activesupport (4.2.4)
      i18n (~> 0.7)
      json (~> 1.7, >= 1.7.7)
      minitest (~> 5.1)
      thread_safe (~> 0.3, >= 0.3.4)
      tzinfo (~> 1.1)
    ansi (1.5.0)
    bson (3.2.4)
    builder (3.2.2)
    coderay (1.0.7)
    dalli (2.1.0)
    delayed_job (4.1.1)
      activesupport (>= 3.0, < 5.0)
    delayed_job_mongoid (2.2.0)
      delayed_job (>= 3.0, < 5)
      mongoid (>= 3.0, < 6)
      mongoid-compatibility
    diff-lcs (1.1.3)
    domain_name (0.5.24)
      unf (>= 0.0.5, < 1.0.0)
    enumerize (0.11.0)
      activesupport (>= 3.2)
    faker (1.0.1)
      i18n (~> 0.4)
    guard (1.3.2)
      listen (>= 0.4.2)
      thor (>= 0.14.6)
    guard-unicorn (0.0.7)
      guard (>= 1.1)
    hashr (0.0.22)
    http-cookie (1.0.2)
      domain_name (~> 0.5)
    i18n (0.7.0)
    json (1.8.3)
    kgio (2.10.0)
    listen (0.5.0)
    method_source (0.8)
    mime-types (2.6.1)
    minitest (5.8.1)
    mongo (2.1.1)
      bson (~> 3.0)
    mongoid (5.0.0)
      activemodel (~> 4.0)
      mongo (~> 2.1)
      origin (~> 2.1)
      tzinfo (>= 0.3.37)
    mongoid-compatibility (0.3.1)
      activesupport
      mongoid (>= 2.0)
    mongoid_magic_counter_cache (1.1.1)
      mongoid
      rake
    multi_json (1.11.2)
    netrc (0.10.3)
    newrelic_rpm (3.13.2.302)
    nokogiri (1.5.5)
    origin (2.1.1)
    protected_attributes (1.1.3)
      activemodel (>= 4.0.1, < 5.0)
    pry (0.9.10)
      coderay (~> 1.0.5)
      method_source (~> 0.8)
      slop (~> 3.3.1)
    pry-nav (0.2.2)
      pry (~> 0.9.10)
    rack (1.6.4)
    rack-protection (1.2.0)
      rack
    rack-test (0.6.3)
      rack (>= 1.0)
    rack-timeout (0.3.2)
    raindrops (0.15.0)
    rake (10.4.2)
    rdiscount (1.6.8)
    rest-client (1.8.0)
      http-cookie (>= 1.0.2, < 2.0)
      mime-types (>= 1.16, < 3.0)
      netrc (~> 0.7)
    rspec (2.11.0)
      rspec-core (~> 2.11.0)
      rspec-expectations (~> 2.11.0)
      rspec-mocks (~> 2.11.0)
    rspec-core (2.11.1)
    rspec-expectations (2.11.2)
      diff-lcs (~> 1.1.3)
    rspec-mocks (2.11.2)
    simplecov (0.7.1)
      multi_json (~> 1.0)
      simplecov-html (~> 0.7.1)
    simplecov-html (0.7.1)
    sinatra (1.3.3)
      rack (~> 1.3, >= 1.3.6)
      rack-protection (~> 1.2)
      tilt (~> 1.3, >= 1.3.3)
    slop (3.3.2)
    thor (0.16.0)
    thread_safe (0.3.5)
    tilt (1.3.3)
    tire (0.6.2)
      activemodel (>= 3.0)
      activesupport
      ansi
      hashr (~> 0.0.19)
      multi_json (~> 1.3)
      rake
      rest-client (~> 1.6)
    tire-contrib (0.1.1)
      tire
    tzinfo (1.2.2)
      thread_safe (~> 0.1)
    unf (0.1.4)
      unf_ext
    unf_ext (0.0.7.1)
    unicorn (4.9.0)
      kgio (~> 2.6)
      rack
      raindrops (~> 0.7)
    will_paginate (3.0.7)
    will_paginate_mongoid (2.0.1)
      mongoid
      will_paginate (~> 3.0)
    yajl-ruby (1.2.1)

PLATFORMS
  ruby

DEPENDENCIES
  bundler
  dalli
  database_cleaner!
  delayed_job
  delayed_job_mongoid
  enumerize
  faker
  guard
  guard-unicorn
  i18n
  mongoid (~> 5.0)
  mongoid-tree!
  mongoid_magic_counter_cache
  newrelic_rpm
  nokogiri
  protected_attributes
  pry
  pry-nav
  rack-contrib!
  rack-test
  rack-timeout
  rake
  rdiscount
  rest-client
  rs_voteable_mongo!
  rspec
  simplecov
  sinatra
  tire (= 0.6.2)
  tire-contrib
  unicorn
  will_paginate_mongoid (~> 2.0)
  yajl-ruby
